GEM
  remote: https://rubygems.org/
  specs:
    joybox (1.0.0)
      rake
    rake (10.0.4)

PLATFORMS
  ruby

DEPENDENCIES
  joybox
  rake
